PATH
  remote: .
  specs:
    ncipp (0.1)

GEM
  remote: https://rubygems.org/
  specs:
    rake (12.3.3)
    rake-compiler (1.1.1)
      rake

PLATFORMS
  ruby

DEPENDENCIES
  ncipp!
  rake (~> 12.3, >= 12.3.3)
  rake-compiler (~> 1.1.1, >= 1.1.1)

RUBY VERSION
   ruby 2.6.3p62

BUNDLED WITH
   1.17.3
